PATH
  remote: ..
  specs:
    pebbles (1.0.26)
      aasm
      activemerchant
      acts_as_reportable
      acts_as_singleton
      awesome_nested_set
      friendly_id
      ruport

GEM
  remote: http://rubygems.org/
  specs:
    aasm (2.0.2)
    abstract (1.0.0)
    actionmailer (2.3.9)
      actionpack (= 2.3.9)
    actionpack (2.3.9)
      activesupport (= 2.3.9)
      rack (~> 1.1.0)
    activemerchant (1.8.0)
      activesupport (>= 2.3.2)
      braintree (>= 2.0.0)
      builder (>= 2.0.0)
    activerecord (2.3.9)
      activesupport (= 2.3.9)
    activeresource (2.3.9)
      activesupport (= 2.3.9)
    activesupport (2.3.9)
    acts_as_reportable (1.1.1)
      ruport (>= 1.6.0)
    acts_as_singleton (0.0.5)
      activerecord
    awesome_nested_set (1.4.3)
      activerecord (>= 1.1)
    babosa (0.2.0)
    braintree (2.6.1)
      builder
    builder (2.1.2)
    capybara (0.3.9)
      culerity (>= 0.2.4)
      mime-types (>= 1.16)
      nokogiri (>= 1.3.3)
      rack (>= 1.0.0)
      rack-test (>= 0.5.4)
      selenium-webdriver (>= 0.0.3)
    carrierwave (0.4.10)
    color (1.4.1)
    configuration (1.1.0)
    cucumber (0.9.0)
      builder (~> 2.1.2)
      diff-lcs (~> 1.1.2)
      gherkin (~> 2.2.2)
      json (~> 1.4.6)
      term-ansicolor (~> 1.0.5)
    cucumber-rails (0.3.2)
      cucumber (>= 0.8.0)
    culerity (0.2.12)
    database_cleaner (0.5.2)
    diff-lcs (1.1.2)
    erubis (2.6.6)
      abstract (>= 1.0.0)
    factory_girl (1.3.2)
    fastercsv (1.5.3)
    ffi (0.6.3)
      rake (>= 0.8.7)
    friendly_id (3.1.7)
      babosa (~> 0.2.0)
    gherkin (2.2.5)
      json (~> 1.4.6)
      term-ansicolor (~> 1.0.5)
      trollop (~> 1.16.2)
    hoe (2.6.2)
      rake (>= 0.8.7)
      rubyforge (>= 2.0.4)
    json (1.4.6)
    json_pure (1.4.6)
    launchy (0.3.7)
      configuration (>= 0.0.5)
      rake (>= 0.8.1)
    mime-types (1.16)
    nokogiri (1.4.3.1)
    pdf-writer (1.1.8)
      color (>= 1.4.0)
      transaction-simple (~> 1.3)
    pg (0.9.0)
    pickle (0.4.3)
      cucumber (>= 0.8)
      rake
      rspec (>= 1.3)
      yard
    rack (1.1.0)
    rack-test (0.5.6)
      rack (>= 1.0)
    rails (2.3.9)
      actionmailer (= 2.3.9)
      actionpack (= 2.3.9)
      activerecord (= 2.3.9)
      activeresource (= 2.3.9)
      activesupport (= 2.3.9)
      rake (>= 0.8.3)
    rails_xss (0.1.3)
    rake (13.0.6)
    rspec (1.3.0)
    rspec-rails (1.3.2)
      rack (>= 1.0.0)
      rspec (>= 1.3.0)
    rubyforge (2.0.4)
      json_pure (>= 1.1.7)
    rubyzip (0.9.4)
    ruport (1.6.3)
      fastercsv
      pdf-writer (= 1.1.8)
    selenium-webdriver (0.0.28)
      ffi (>= 0.6.1)
      json_pure
      rubyzip
    ssl_requirement (0.1.0)
    term-ansicolor (1.0.5)
    transaction-simple (1.4.0)
      hoe (>= 1.1.7)
    trollop (1.16.2)
    will_paginate (2.3.15)
    yard (0.6.3)

PLATFORMS
  ruby

DEPENDENCIES
  aasm (= 2.0.2)
  activemerchant (= 1.8.0)
  activerecord (= 2.3.9)
  activesupport (= 2.3.9)
  acts_as_reportable (= 1.1.1)
  acts_as_singleton (= 0.0.5)
  awesome_nested_set (= 1.4.3)
  capybara (= 0.3.9)
  carrierwave (= 0.4.10)
  cucumber (= 0.9.0)
  cucumber-rails (= 0.3.2)
  database_cleaner (= 0.5.2)
  erubis (= 2.6.6)
  factory_girl (= 1.3.2)
  friendly_id (~> 3.1)
  launchy (= 0.3.7)
  pebbles!
  pg (= 0.9.0)
  pickle (~> 0.4)
  rails (= 2.3.9)
  rails_xss (= 0.1.3)
  rspec (= 1.3.0)
  rspec-rails (= 1.3.2)
  ruport (= 1.6.3)
  ssl_requirement (= 0.1.0)
  will_paginate (~> 2.3.11)
